NUGET
  remote: https://www.nuget.org/api/v2
  specs:
    Aether (6.0)
    Chiron (1.0.1)
      Aether (>= 6.0.0)
      FParsec (>= 1.0.1)
      FSharp.Core (>= 3.1.2.1)
    EventStore.Client.Embedded.PreRelease (3.1.0)
    EventStore.Client.PreRelease (3.1.0)
    FParsec (1.0.1)
    FSharp.Actor-logary (3.0.3)
      FSharp.Core (>= 3.1.2.1)
    FSharp.Core (3.1.2.1)
    Fuchu (0.4.0.0)
    Logary (3.0.3)
      FSharp.Actor-logary (>= 3.0.3)
      FSharp.Core (>= 3.1.2.1)
      Newtonsoft.Json (>= 6.0.8)
      Newtonsoft.Json.FSharp (>= 3.1.2)
      NodaTime (>= 1.3.0)
      NodaTime.Serialization.JsonNet (>= 1.3.0)
    Logary.Adapters.EventStore (3.0.3)
      EventStore.Client.PreRelease (>= 3.1.0)
      FSharp.Core (>= 3.1.2.1)
      Logary (>= 3.0.3)
    Newtonsoft.Json (6.0.8)
    Newtonsoft.Json.FSharp (3.1.2)
      FSharp.Core (>= 3.1.2.1)
      Newtonsoft.Json (>= 6.0.8)
      NodaTime (>= 1.3.0)
    NLog (3.2.0.0)
    NodaTime (1.3.1)
    NodaTime.Serialization.JsonNet (1.3.1)
      Newtonsoft.Json (>= 4.5.11)
      NodaTime (>= 1.3.0)
    NuGet.CommandLine (2.8.3)
    protobuf-net (2.0.0.668)
